GEM
  remote: https://rubygems.org/
  specs:
    json (2.12.2)
    nio4r (2.7.4)
    puma (6.6.0)
      nio4r (~> 2.0)
    rack (3.1.15)

PLATFORMS
  arm64-darwin-22
  ruby

DEPENDENCIES
  json
  puma
  rack

BUNDLED WITH
   2.5.11
