GEM
  remote: https://rubygems.org/
  specs:
    json (2.12.2)
    minitest (5.25.5)
    nio4r (2.7.4)
    puma (6.6.0)
      nio4r (~> 2.0)
    rack (3.1.15)
    rack-test (2.2.0)
      rack (>= 1.3)
    rackup (2.2.1)
      rack (>= 3)
    rake (13.2.1)

PLATFORMS
  arm64-darwin-22
  ruby

DEPENDENCIES
  json
  minitest
  puma
  rack
  rack-test
  rackup (~> 2.2)
  rake

BUNDLED WITH
   2.5.11
